GEM
  remote: http://rubygems.org/
  specs:
    albino (1.3.3)
      posix-spawn (>= 0.3.6)
    classifier (1.3.3)
      fast-stemmer (>= 1.0.0)
    coffee-script (2.2.0)
      coffee-script-source
      execjs
    coffee-script-source (1.2.0)
    directory_watcher (1.4.1)
    execjs (1.3.0)
      multi_json (~> 1.0)
    fast-stemmer (1.0.0)
    jekyll (0.11.2)
      albino (~> 1.3)
      classifier (~> 1.3)
      directory_watcher (~> 1.1)
      kramdown (~> 0.13)
      liquid (~> 2.3)
      maruku (~> 0.5)
    kramdown (0.13.5)
    liquid (2.3.0)
    maruku (0.6.0)
      syntax (>= 1.0.0)
    multi_json (1.1.0)
    posix-spawn (0.3.6)
    rack (1.4.1)
    rake (0.9.2.2)
    rdiscount (1.6.8)
    sass (3.1.15)
    sinatra (1.2.6)
      rack (~> 1.1)
      tilt (>= 1.2.2, < 2.0)
    syntax (1.0.0)
    tilt (1.3.3)

PLATFORMS
  ruby

DEPENDENCIES
  bundler
  coffee-script
  jekyll
  rack
  rake
  rdiscount
  sass
  sinatra (= 1.2.6)
